GEM
  remote: https://rubygems.org/
  specs:
    jekyll-gist (1.3.5)

PLATFORMS
  ruby

DEPENDENCIES
  jekyll-gist
